GEM
  remote: http://rubygems.org/
  specs:
    macgap (0.0.8)
    sass (3.1.20)

PLATFORMS
  ruby

DEPENDENCIES
  macgap
  sass
